GEM
  remote: http://rubygems.org/
  specs:
    git (1.2.5)
    guard (1.3.3)
      listen (>= 0.4.2)
      thor (>= 0.14.6)
    guard-minitest (0.5.0)
      guard (>= 0.4)
    jeweler (1.8.4)
      bundler (~> 1.0)
      git (>= 1.2.5)
      rake
      rdoc
    json (1.7.5)
    listen (0.5.1)
    minitest (3.5.0)
    rake (0.9.2.2)
    rb-fsevent (0.9.1)
    rdoc (3.12)
      json (~> 1.4)
    thor (0.16.0)

PLATFORMS
  ruby

DEPENDENCIES
  bundler (~> 1.2.0)
  guard-minitest
  jeweler (~> 1.8.4)
  minitest
  rb-fsevent
  rdoc (~> 3.12)
